GEM
  specs:
    activesupport (3.0.4)
    haml (3.0.25)
    hominid (3.0.2)
    rack (1.2.1)
    sinatra (1.1.0)
      rack (~> 1.1)
      tilt (~> 1.1)
    tilt (1.1)

PLATFORMS
  ruby

DEPENDENCIES
  activesupport
  haml
  hominid
  sinatra
